GEM
  remote: https://rubygems.org/
  specs:
    addressable (2.3.6)
    byebug (9.0.6)
    coderay (1.1.1)
    diff-lcs (1.2.5)
    foreman (0.78.0)
      thor (~> 0.19.1)
    git-version-bump (0.15.1)
    govuk-dummy_content_store (0.0.5)
      rack
      rack-contrib
    json-schema (2.5.0)
      addressable (~> 2.3)
    method_source (0.8.2)
    pry (0.10.4)
      coderay (~> 1.1.0)
      method_source (~> 0.8.1)
      slop (~> 3.4)
    pry-byebug (3.4.0)
      byebug (~> 9.0)
      pry (~> 0.10)
    rack (1.6.4)
    rack-contrib (1.4.0)
      git-version-bump (~> 0.15)
      rack (~> 1.4)
    rake (10.4.2)
    rspec (3.1.0)
      rspec-core (~> 3.1.0)
      rspec-expectations (~> 3.1.0)
      rspec-mocks (~> 3.1.0)
    rspec-core (3.1.7)
      rspec-support (~> 3.1.0)
    rspec-expectations (3.1.2)
      diff-lcs (>= 1.2.0, < 2.0)
      rspec-support (~> 3.1.0)
    rspec-mocks (3.1.3)
      rspec-support (~> 3.1.0)
    rspec-support (3.1.2)
    slop (3.6.0)
    thor (0.19.1)

PLATFORMS
  ruby

DEPENDENCIES
  foreman (= 0.78.0)
  govuk-dummy_content_store (= 0.0.5)
  json-schema
  pry-byebug
  rake
  rspec

BUNDLED WITH
   1.11.2
